RESTRICTION: || (== net45) (== net46) (== net461)
NUGET
  remote: https://www.nuget.org/api/v2
    FAKE (5.0.0-beta014)
    FSharp.Compiler.Service (2.0.0.6)
    FSharp.Formatting (2.14.4)
      FSharp.Compiler.Service (2.0.0.6)
      FSharpVSPowerTools.Core (>= 2.3 < 2.4)
    FSharpVSPowerTools.Core (2.3)
      FSharp.Compiler.Service (>= 2.0.0.3)
    Microsoft.Build (14.3)
      Microsoft.Build.Framework (14.3)
    Microsoft.Build.Engine (14.3)
      Microsoft.Build.Framework (14.3)
    Microsoft.Build.Framework (14.3)
      System.Collections (>= 4.0.11) - restriction: || (&& (== net45) (>= netstandard1.3)) (== net46) (== net461)
      System.Runtime (>= 4.1) - restriction: || (&& (== net45) (>= netstandard1.3)) (== net46) (== net461)
      System.Runtime.InteropServices (>= 4.1) - restriction: || (&& (== net45) (>= netstandard1.3)) (== net46) (== net461)
    Microsoft.Build.Utilities.Core (14.3)
      Microsoft.Build.Framework (14.3)
    Mono.Cecil (0.10.0-beta7)
    System.Collections (4.3) - restriction: || (&& (== net45) (>= netstandard1.3)) (== net46) (== net461)
    System.Runtime (4.3) - restriction: || (&& (== net45) (>= netstandard1.3)) (== net46) (== net461)
    System.Runtime.InteropServices (4.3) - restriction: || (&& (== net45) (>= netstandard1.3)) (== net46) (== net461)
    System.Threading.Tasks.Dataflow (4.5.24)
    WebSharper (4.2.0.214-beta)
      Mono.Cecil (>= 0.10.0-beta6 < 0.11.0-beta)
    WebSharper.FSharp (4.2.0.214-beta)
      WebSharper (4.2.0.214-beta)
